{
	"Modality": "MR",
	"MagneticFieldStrength": 7,
	"ImagingFrequency": 297.211,
	"Manufacturer": "Siemens",
	"ManufacturersModelName": "Investigational_Device_7T",
	"InstitutionName": "UC Berkeley",
	"InstitutionalDepartmentName": "Department",
	"InstitutionAddress": "Oxford Street 1951,Berkeley,SFO,US,94720",
	"DeviceSerialNumber": "79024",
	"StationName": "AWP79024",
	"BodyPartExamined": "BRAIN",
	"PatientPosition": "HFS",
	"ProcedureStepDescription": "Test^Joseph",
	"SoftwareVersions": "syngo MR E12",
	"MRAcquisitionType": "3D",
	"SeriesDescription": "rslh_ep3d_vaso_p5_protocol_Renzo_20210927_E00_M",
	"ProtocolName": "rslh_ep3d_vaso_p5_protocol_Renzo_20210927",
	"ScanningSequence": "RM\\IR",
	"SequenceVariant": "SK\\SP\\MP",
	"ScanOptions": "IR\\PFP\\FS",
	"SequenceName": "vx_ep3d:maastric",
	"ImageType": ["ORIGINAL", "PRIMARY", "M", "DIS3D", "DIS2D", "ECHO", "00", "COMBINED", "MOSAIC"],
	"SeriesNumber": 12,
	"AcquisitionTime": "12:08:49.705000",
	"AcquisitionNumber": 1,
	"ImageComments": "E00_Com",
	"SliceThickness": 0.45,
	"SpacingBetweenSlices": 0.45,
	"SAR": 0.204727,
	"EchoTime": 0.019,
	"RepetitionTime": 0.0544,
	"InversionTime": 1.1496,
	"FlipAngle": 40,
	"PartialFourier": 0.75,
	"BaseResolution": 374,
	"ShimSetting": [
		1,
		-53,
		155,
		2303,
		-38,
		-65,
		157,
		-25	],
	"TxRefAmp": 280,
	"PhaseResolution": 1,
	"ReceiveCoilName": "16Tx96Rx_Head",
	"ReceiveCoilActiveElements": "R96",
	"PulseSequenceDetails": "%CustomerSeq%\\rslh_ep3d_vaso",
	"WipMemBlock": "git@gitlab.dzne.de:idea/vx_ep3d.git:vaso:d238999c:maastricht4f",
	"RefLinesPE": 75,
	"ConsistencyInfo": "N4_VE12U_LATEST_20181126",
	"PercentPhaseFOV": 100,
	"PercentSampling": 100,
	"PhaseEncodingSteps": 281,
	"AcquisitionMatrixPE": 374,
	"ReconMatrixPE": 374,
	"BandwidthPerPixelPhaseEncode": 15.135,
	"ParallelReductionFactorInPlane": 3,
	"EffectiveEchoSpacing": 0.000176663,
	"DerivedVendorReportedEchoSpacing": 0.000529989,
	"TotalReadoutTime": 0.0658954,
	"PixelBandwidth": 1030,
	"DwellTime": 1.3e-06,
	"ImageOrientationPatientDICOM": [
		1,
		0,
		0,
		0,
		0.698415,
		-0.715693	],
	"InPlanePhaseEncodingDirectionDICOM": "ROW",
	"ConversionSoftware": "dcm2niix",
	"ConversionSoftwareVersion": "v1.0.20201102"
}
